GEM
  remote: http://rubygems.org/
  specs:
    diff-lcs (1.2.5)
    logger (1.2.8)
    mysql2 (0.3.16)
    rake (10.3.2)
    rspec (3.0.0)
      rspec-core (~> 3.0.0)
      rspec-expectations (~> 3.0.0)
      rspec-mocks (~> 3.0.0)
    rspec-core (3.0.2)
      rspec-support (~> 3.0.0)
    rspec-expectations (3.0.2)
      diff-lcs (>= 1.2.0, < 2.0)
      rspec-support (~> 3.0.0)
    rspec-mocks (3.0.2)
      rspec-support (~> 3.0.0)
    rspec-support (3.0.2)
    sequel (4.12.0)

PLATFORMS
  ruby

DEPENDENCIES
  logger
  mysql2
  rake
  rspec
  sequel
